GEM
  remote: https://rubygems.org/
  specs:
    akami (1.2.0)
      gyoku (>= 0.4.0)
      nokogiri (>= 1.4.0)
    builder (3.2.2)
    faker (1.3.0)
      i18n (~> 0.5)
    gyoku (1.1.0)
      builder (>= 2.1.2)
    httpclient (2.4.0)
    httpi (2.1.0)
      rack
      rubyntlm (~> 0.3.2)
    i18n (0.6.11)
    nokogiri (1.5.11)
    nori (2.3.0)
    rack (1.5.2)
    rubyntlm (0.3.3)
    savon (2.3.0)
      akami (~> 1.2.0)
      builder (>= 2.1.2)
      gyoku (~> 1.1.0)
      httpi (~> 2.1.0)
      nokogiri (>= 1.4.0, < 1.6)
      nori (~> 2.3.0)
      wasabi (~> 3.2.0)
    slack-notifier (0.5.0)
    sonos (0.3.6)
      httpclient
      nokogiri
      savon (~> 2.0)
      thor
    thor (0.19.1)
    wasabi (3.2.0)
      httpi (~> 2.0)
      nokogiri (>= 1.4.0, < 1.6)

PLATFORMS
  ruby

DEPENDENCIES
  faker
  slack-notifier (~> 0.5.0)
  sonos (~> 0.3.6)
